PATH
  remote: .
  specs:
    cocoafarm (0.0.1)
      args_parser
      colored
      xcodeproj

GEM
  remote: https://rubygems.org/
  specs:
    activesupport (3.2.15)
      i18n (~> 0.6, >= 0.6.4)
      multi_json (~> 1.0)
    args_parser (0.2.0)
    awesome_print (1.2.0)
    colored (1.2)
    i18n (0.6.5)
    minitest (4.3.2)
    multi_json (1.8.2)
    rake (10.1.0)
    xcodeproj (0.14.1)
      activesupport (~> 3.0)
      colored (~> 1.2)
      rake

PLATFORMS
  ruby

DEPENDENCIES
  awesome_print
  bundler (~> 1.3)
  cocoafarm!
  minitest
  rake
